GEM
  remote: http://rubygems.org/
  specs:
    nokogiri (1.5.2)
    robotstxt (0.5.4)

PLATFORMS
  ruby

DEPENDENCIES
  nokogiri
  robotstxt
